GEM
  remote: https://rubygems.org/
  specs:
    activemodel (4.2.4)
      activesupport (= 4.2.4)
      builder (~> 3.1)
    activerecord (4.2.4)
      activemodel (= 4.2.4)
      activesupport (= 4.2.4)
      arel (~> 6.0)
    activesupport (4.2.4)
      i18n (~> 0.7)
      json (~> 1.7, >= 1.7.7)
      minitest (~> 5.1)
      thread_safe (~> 0.3, >= 0.3.4)
      tzinfo (~> 1.1)
    addressable (2.3.8)
    amq-protocol (2.0.0)
    arel (6.0.3)
    builder (3.2.2)
    bunny (2.2.0)
      amq-protocol (>= 2.0.0)
    faraday (0.9.2)
      multipart-post (>= 1.2, < 3)
    hitimes (1.2.3)
    i18n (0.7.0)
    json (1.8.3)
    koala (2.0.0)
      addressable
      faraday
      multi_json
    minitest (5.8.1)
    multi_json (1.11.2)
    multipart-post (2.0.0)
    pg (0.18.3)
    redis (3.2.1)
    sequel (4.26.0)
    thread_safe (0.3.5)
    timers (4.1.1)
      hitimes
    tzinfo (1.2.2)
      thread_safe (~> 0.1)

PLATFORMS
  ruby

DEPENDENCIES
  activerecord (~> 4.2.4)
  bunny (~> 2.2.0)
  json (~> 1.8.3)
  koala (~> 2.0.0)
  pg (= 0.18.3)
  redis (~> 3.2.1)
  sequel (~> 4.26.0)
  timers (~> 4.1.1)

BUNDLED WITH
   1.10.6
